GEM
  remote: http://rubygems.org/
  specs:
    eventmachine (0.12.10)

PLATFORMS
  ruby

DEPENDENCIES
  eventmachine
