GEM
  remote: http://rubygems.org/
  specs:
    activesupport (3.0.3)
    addressable (2.2.4)
    em-http-request (0.3.0)
      addressable (>= 2.0.0)
      escape_utils
      eventmachine (>= 0.12.9)
    em-synchrony (0.2.0)
      eventmachine (>= 0.12.9)
    escape_utils (0.1.9)
    eventmachine (0.12.10)
    i18n (0.5.0)
    mail (2.2.14)
      activesupport (>= 2.3.6)
      i18n (>= 0.4.0)
      mime-types (~> 1.16)
      treetop (~> 1.4.8)
    mime-types (1.16)
    polyglot (0.3.1)
    treetop (1.4.9)
      polyglot (>= 0.3.1)

PLATFORMS
  ruby

DEPENDENCIES
  em-http-request
  em-synchrony
  eventmachine
  mail
